GEM
  remote: http://rubygems.org/
  specs:
    activesupport (3.0.10)
    builder (2.1.2)
    busk-ruby-readability (1.3)
    httpclient (2.2.1)
    json (1.6.5)
    nokogiri (1.5.0)

PLATFORMS
  ruby

DEPENDENCIES
  activesupport (~> 3.0.0)
  builder (~> 2.1.2)
  busk-ruby-readability (~> 1.3)
  httpclient (~> 2.2.1)
  json
  nokogiri (~> 1.5.0)
